GEM
  remote: https://rubygems.org/
  specs:
    activemodel (6.1.0)
      activesupport (= 6.1.0)
    activesupport (6.1.0)
      concurrent-ruby (~> 1.0, >= 1.0.2)
      i18n (>= 1.6, < 2)
      minitest (>= 5.1)
      tzinfo (~> 2.0)
      zeitwerk (~> 2.3)
    builder (3.2.4)
    coderay (1.1.3)
    concurrent-ruby (1.1.7)
    diff-lcs (1.4.4)
    i18n (1.8.5)
      concurrent-ruby (~> 1.0)
    method_source (1.0.0)
    mini_portile2 (2.4.0)
    minitest (5.14.2)
    mustermann (1.1.1)
      ruby2_keywords (~> 0.0.1)
    nokogiri (1.10.10)
      mini_portile2 (~> 2.4.0)
    pry (0.13.1)
      coderay (~> 1.1)
      method_source (~> 1.0)
    rack (2.2.3)
    rack-protection (2.1.0)
      rack
    rack-test (1.1.0)
      rack (>= 1.0, < 3)
    rspec (3.10.0)
      rspec-core (~> 3.10.0)
      rspec-expectations (~> 3.10.0)
      rspec-mocks (~> 3.10.0)
    rspec-core (3.10.0)
      rspec-support (~> 3.10.0)
    rspec-expectations (3.10.0)
      diff-lcs (>= 1.2.0, < 2.0)
      rspec-support (~> 3.10.0)
    rspec-mocks (3.10.0)
      diff-lcs (>= 1.2.0, < 2.0)
      rspec-support (~> 3.10.0)
    rspec-support (3.10.0)
    ruby2_keywords (0.0.2)
    saml_idp (0.12.0)
      activesupport (>= 3.2)
      builder (>= 3.0)
      nokogiri (>= 1.6.2)
    sinatra (2.1.0)
      mustermann (~> 1.0)
      rack (~> 2.2)
      rack-protection (= 2.1.0)
      tilt (~> 2.0)
    sinatra_more (0.3.43)
      activesupport
      bundler (>= 0.9.2)
      sinatra (>= 0.9.2)
      thor (>= 0.11.8)
      tilt (>= 0.2)
    thor (1.0.1)
    tilt (2.0.10)
    tzinfo (2.0.3)
      concurrent-ruby (~> 1.0)
    xmlenc (0.7.1)
      activemodel (>= 3.0.0)
      activesupport (>= 3.0.0)
      nokogiri (>= 1.6.0, < 2.0.0)
      xmlmapper (>= 0.7.3)
    xmlmapper (0.7.3)
      nokogiri (~> 1.5)
    zeitwerk (2.4.2)

PLATFORMS
  ruby

DEPENDENCIES
  pry
  rack-test
  rspec (~> 3.10)
  saml_idp
  sinatra
  sinatra_more
  xmlenc

RUBY VERSION
   ruby 2.7.1p83

BUNDLED WITH
   2.1.4
